GEM
  remote: https://rubygems.org/
  specs:
    crack (0.3.2)
    kgio (2.8.0)
    rack (1.5.2)
    rack-protection (1.5.0)
      rack
    raindrops (0.11.0)
    sinatra (1.4.2)
      rack (~> 1.5, >= 1.5.2)
      rack-protection (~> 1.4)
      tilt (~> 1.3, >= 1.3.4)
    tilt (1.4.0)
    unicorn (4.6.2)
      kgio (~> 2.6)
      rack
      raindrops (~> 0.7)

PLATFORMS
  ruby

DEPENDENCIES
  crack (= 0.3.2)
  sinatra (= 1.4.2)
  unicorn (= 4.6.2)
