PATH
  remote: .
  specs:
    quick_tunes (0.0.1)
      crack (= 0.1.8)

GEM
  remote: http://rubygems.org/
  specs:
    crack (0.1.8)
    diff-lcs (1.1.2)
    rspec (2.1.0)
      rspec-core (~> 2.1.0)
      rspec-expectations (~> 2.1.0)
      rspec-mocks (~> 2.1.0)
    rspec-core (2.1.0)
    rspec-expectations (2.1.0)
      diff-lcs (~> 1.1.2)
    rspec-mocks (2.1.0)

PLATFORMS
  ruby

DEPENDENCIES
  crack (= 0.1.8)
  quick_tunes!
  rspec (~> 2.1.0)

METADATA
  version: 1.0.6
